REDIRECTS: ON
FRAMEWORK: NET45, NET452
NUGET
  remote: https://www.nuget.org/api/v2
    Aether (8.1.2)
    ApacheThrift (0.9.3)
    Argu (3.3)
    Castle.Core (3.3.3)
    Chiron (6.2.1)
      Aether (>= 8.0.2 < 9.0)
      FParsec (>= 1.0 < 2.0)
    Common.Logging (3.3.1)
      Common.Logging.Core (>= 3.3.1)
    Common.Logging.Core (3.3.1)
    elmah.corelibrary (1.2.2)
    elmah.io.client (2.0.29)
    elmah.io.core (2.0.29)
      elmah.corelibrary (>= 1.2.2)
      elmah.io.client (>= 2.0.29)
    EventStore.Client (3.9.2)
    Expecto (1.0.10)
      Argu (>= 3.2)
      FSharp.Core (>= 3.1.2.5)
    Expecto.FsCheck (1.0.10)
      Expecto (>= 1.0.10)
      FsCheck (>= 2.6.2)
      FSharp.Core (>= 3.1.2.5)
    FAKE (4.41.8)
    FluentMigrator (1.6.2)
    FluentMigrator.Runner (1.6.2)
      FluentMigrator (>= 1.6.2)
    FParsec (1.0.2)
    FsCheck (2.6.2)
      FSharp.Core (>= 3.1.2.5)
    FSharp.Core (4.0.0.1) - redirects: force
    FsPickler (3.2)
    FsSql (2.1)
      FSharp.Core (>= 3.1.2.1)
    fszmq (12.2.1)
      FSharp.Core
    Hopac (0.3.22)
    Http.fs (4.1)
      FSharp.Core (>= 3.1.2.5)
      Hopac (>= 0.3.21)
    log4net (2.0.5)
    Machine.Specifications (0.11)
    Machine.Specifications.Runner.Console (0.9.2)
    Machine.Specifications.Should (0.11)
      Machine.Specifications (>= 0.11)
    Mailgun.Api (0.5)
      Chiron (>= 6.2.1)
      Http.fs (>= 4.1)
      NodaTime (>= 1.3.2)
    NodaTime (1.3.2)
    protobuf-net (2.1)
    RabbitMQ.Client (3.6.5)
    Serilog (2.3)
    Serilog.Formatting.Compact (1.0)
      Serilog (>= 2.0)
    Serilog.Sinks.File (3.1)
      Serilog (>= 2.3)
    Serilog.Sinks.PeriodicBatching (2.1)
      Serilog (>= 2.0)
    Serilog.Sinks.RollingFile (3.2)
      Serilog.Sinks.File (>= 3.1)
    Serilog.Sinks.Seq (3.0.1)
      Serilog (>= 2.2)
      Serilog.Formatting.Compact (>= 1.0)
      Serilog.Sinks.PeriodicBatching (>= 2.0)
      Serilog.Sinks.RollingFile (>= 3.0)
    Suave (1.1.3)
      FSharp.Core (>= 3.1.2.5)
    System.Data.SQLite.Core (1.0.103)
    Topshelf (4.0.3)
    Topshelf.FSharp (3.0)
      Topshelf (>= 4.0.2)
    Unquote (3.1.2)
GITHUB
  remote: xyncro/chiron
    src/Chiron/Chiron.fs (e0f4c122b21cb02d47ae3f4f83924b2dcb8dea9e)
  remote: xyncro/aether
    src/Aether/Aether.fs (5b5c05db2414562e9f3f679d42284638e63b9f3a)
  remote: haf/YoLo
    YoLo.fs (11023b9fcd2c1d28a7a0c0de5609647e3e1b03ce)
  remote: logary/RingBuffer
    RingBuffer.fs (4557d607737e748b54eb6de3ec5e5cd02247b2a5)
      Hopac
  remote: logary/logary
    src/Logary.Facade/Facade.fs (0744a14f83aff2e1d87741af1911a6ae1b0603d5)
GROUP Examples
REDIRECTS: ON
FRAMEWORK: >= NET45
NUGET
  remote: https://www.nuget.org/api/v2
    elmah.io.client (2.0.29)
    FParsec (1.0.2)
    FSharp.Core (4.0.0.1)
    FsSql (2.1)
      FSharp.Core (>= 3.1.2.1)
    fszmq (12.2.1)
      FSharp.Core
    Hopac (0.3.23)
      FSharp.Core (>= 3.1.2.5)
    Http.fs (4.1)
      FSharp.Core (>= 3.1.2.5)
      Hopac (>= 0.3.21)
    Logary (4.0.160)
      FParsec (>= 1.0.2)
      FSharp.Core (>= 4.0.0.1)
      Hopac (>= 0.3.23)
      NodaTime (>= 1.3.2)
    Logary.CSharp (4.0.160)
      FSharp.Core (>= 4.0.0.1)
      Hopac (>= 0.3.23)
      Logary (>= 4.0.160)
      NodaTime (>= 1.3.2)
    Logary.Targets.DB (4.0.160)
      FSharp.Core (>= 4.0.0.1)
      FsSql (>= 2.1)
      Hopac (>= 0.3.23)
      Logary (>= 4.0.160)
      NodaTime (>= 1.3.2)
    Logary.Targets.ElasticSearch (4.0.160)
      FSharp.Core (>= 4.0.0.1)
      Hopac (>= 0.3.23)
      Http.fs (>= 4.1)
      Logary (>= 4.0.160)
      NodaTime (>= 1.3.2)
    Logary.Targets.Elmah.Io (4.0.160)
      elmah.io.client (>= 2.0.29)
      FSharp.Core (>= 4.0.0.1)
      Hopac (>= 0.3.23)
      Logary (>= 4.0.160)
      NodaTime (>= 1.3.2)
    Logary.Targets.InfluxDb (4.0.160)
      FParsec (>= 1.0.2)
      FSharp.Core (>= 4.0.0.1)
      Hopac (>= 0.3.23)
      Http.fs (>= 4.1)
      Logary (>= 4.0.160)
      NodaTime (>= 1.3.2)
    Logary.Targets.Logstash (4.0.160)
      FSharp.Core (>= 4.0.0.1)
      fszmq (>= 12.2.1)
      Hopac (>= 0.3.23)
      Logary (>= 4.0.160)
      NodaTime (>= 1.3.2)
    NodaTime (1.3.2)
