REDIRECTS: ON
FRAMEWORK: NET45, NET452, NET461
NUGET
  remote: https://www.nuget.org/api/v2
    Aether (8.1.2)
    ApacheThrift (0.9.3)
    Argu (3.3)
    BouncyCastle (1.8.1)
    Castle.Core (3.3.3)
    Chiron (6.2.1)
      Aether (>= 8.0.2 < 9.0)
      FParsec (>= 1.0 < 2.0)
    Common.Logging (3.3.1)
      Common.Logging.Core (>= 3.3.1)
    Common.Logging.Core (3.3.1)
    DVar (0.1)
      FSharp.Core (>= 4.0.0.1)
    elmah.corelibrary (1.2.2)
    elmah.io.client (2.0.29)
    elmah.io.core (2.0.29)
      elmah.corelibrary (>= 1.2.2)
      elmah.io.client (>= 2.0.29)
    EventStore.Client (3.9.2)
    Expecto (1.1.2)
      Argu (>= 3.2)
      FSharp.Core (>= 3.1.2.5)
    Expecto.FsCheck (1.1.2)
      Expecto (>= 1.1.2)
      FsCheck (>= 2.6.2)
      FSharp.Core (>= 3.1.2.5)
    FAKE (4.46.1)
    FluentMigrator (1.6.2)
    FluentMigrator.Runner (1.6.2)
      FluentMigrator (>= 1.6.2)
    FParsec (1.0.2)
    FsCheck (2.6.2)
      FSharp.Core (>= 3.1.2.5)
    FSharp.Core (4.0.0.1) - redirects: force
    FsPickler (3.2)
    FsSql (2.1)
      FSharp.Core (>= 3.1.2.1)
    fszmq (12.2.1)
      FSharp.Core
    Google.Api.CommonProtos (1.0.0-beta05)
      Google.Protobuf (>= 3.0)
    Google.Api.Gax (1.0.0-beta05)
      Google.Apis.Auth (>= 1.18)
      System.Interactive.Async (>= 3.1.1)
    Google.Api.Gax.Grpc (1.0.0-beta05)
      Google.Api.Gax (>= 1.0.0-beta05)
      Google.Apis.Auth (>= 1.18)
      Google.Protobuf (>= 3.0)
      Grpc.Auth (>= 1.0.1)
      Grpc.Core (>= 1.0.1)
    Google.Api.Gax.Rest (1.0.0-beta05)
      Google.Api.Gax (>= 1.0.0-beta05)
      Google.Apis (>= 1.18)
      Google.Apis.Auth (>= 1.18)
    Google.Apis (1.19)
      Google.Apis.Core (>= 1.19)
      log4net (>= 2.0.3)
      Zlib.Portable.Signed (>= 1.11)
    Google.Apis.Auth (1.19)
      BouncyCastle (>= 1.7)
      Google.Apis (>= 1.19)
      Google.Apis.Core (>= 1.19)
    Google.Apis.Core (1.19)
      Newtonsoft.Json (>= 7.0.1)
    Google.Cloud.Logging.Type (1.0.0-beta05)
      Google.Api.CommonProtos (>= 1.0.0-beta05)
    Google.Cloud.Logging.V2 (1.0.0-beta05)
      Google.Api.Gax.Grpc (>= 1.0.0-beta05)
      Google.Cloud.Logging.Type (>= 1.0.0-beta05)
    Google.Protobuf (3.1)
    Grpc.Auth (1.0.1)
      Google.Apis.Auth (>= 1.16)
      Grpc.Core (>= 1.0.1)
    Grpc.Core (1.0.1)
      System.Interactive.Async (>= 3.0)
    Hopac (0.3.22)
    Http.fs (4.1)
      FSharp.Core (>= 3.1.2.5)
      Hopac (>= 0.3.21)
    log4net (2.0.5)
    Machine.Specifications (0.11)
    Machine.Specifications.Runner.Console (0.9.2)
    Machine.Specifications.Should (0.11)
      Machine.Specifications (>= 0.11)
    Mailgun.Api (0.5)
      Chiron (>= 6.2.1)
      Http.fs (>= 4.1)
      NodaTime (>= 1.3.2)
    Newtonsoft.Json (9.0.1)
    NodaTime (1.3.2)
    protobuf-net (2.1)
    Serilog (2.3)
    Serilog.Formatting.Compact (1.0)
      Serilog (>= 2.0)
    Serilog.Sinks.File (3.1)
      Serilog (>= 2.3)
    Serilog.Sinks.PeriodicBatching (2.1)
      Serilog (>= 2.0)
    Serilog.Sinks.RollingFile (3.2)
      Serilog.Sinks.File (>= 3.1)
    Serilog.Sinks.Seq (3.0.1)
      Serilog (>= 2.2)
      Serilog.Formatting.Compact (>= 1.0)
      Serilog.Sinks.PeriodicBatching (>= 2.0)
      Serilog.Sinks.RollingFile (>= 3.0)
    RabbitMQ.Client (3.6.5)
    RabbitMQ.Client (3.6.6)
    Suave (2.0.0-rc2)
      FSharp.Core (>= 4.0.0.1)
    System.Data.SQLite.Core (1.0.103)
    System.Interactive.Async (3.1.1)
    Topshelf (4.0.3)
    Topshelf.FSharp (3.0)
      Topshelf (>= 4.0.2)
    Unquote (3.1.2)
    Zlib.Portable.Signed (1.11)
GITHUB
  remote: xyncro/chiron
    src/Chiron/Chiron.fs (e0f4c122b21cb02d47ae3f4f83924b2dcb8dea9e)
  remote: xyncro/aether
    src/Aether/Aether.fs (5b5c05db2414562e9f3f679d42284638e63b9f3a)
  remote: haf/YoLo
    YoLo.fs (76e16a4c9338c2f04cb067add0e3a33b42a0f396)
  remote: logary/RingBuffer
    RingBuffer.fs (4557d607737e748b54eb6de3ec5e5cd02247b2a5)
      Hopac
  remote: logary/logary
    src/Logary.CSharp.Facade/Facade.cs (9d741a9b119b119fcd03e2d3d7eaa664269fea2b)
    src/Logary.Facade/Facade.fs (9d741a9b119b119fcd03e2d3d7eaa664269fea2b)
GROUP Examples
REDIRECTS: ON
FRAMEWORK: >= NET45
NUGET
  remote: https://www.nuget.org/api/v2
    elmah.io.client (2.0.29)
    FParsec (1.0.2)
    FSharp.Core (4.0.0.1)
    FsSql (2.1)
      FSharp.Core (>= 3.1.2.1)
    fszmq (12.2.1)
      FSharp.Core
    Hopac (0.3.23)
      FSharp.Core (>= 3.1.2.5)
    Http.fs (4.1)
      FSharp.Core (>= 3.1.2.5)
      Hopac (>= 0.3.21)
    Logary (4.0.261)
      FParsec (>= 1.0.2)
      FSharp.Core (>= 4.0.0.1)
      Hopac (>= 0.3.23)
      NodaTime (>= 1.3.2)
    Logary.CSharp (4.0.261)
      FSharp.Core (>= 4.0.0.1)
      Hopac (>= 0.3.23)
      Logary (>= 4.0.261)
      NodaTime (>= 1.3.2)
    Logary.Targets.DB (4.0.261)
      FSharp.Core (>= 4.0.0.1)
      FsSql (>= 2.1)
      Hopac (>= 0.3.23)
      Logary (>= 4.0.261)
      NodaTime (>= 1.3.2)
    Logary.Targets.ElasticSearch (4.0.261)
      FSharp.Core (>= 4.0.0.1)
      Hopac (>= 0.3.23)
      Http.fs (>= 4.1)
      Logary (>= 4.0.261)
      NodaTime (>= 1.3.2)
    Logary.Targets.Elmah.Io (4.0.261)
      elmah.io.client (>= 2.0.29)
      FSharp.Core (>= 4.0.0.1)
      Hopac (>= 0.3.23)
      Logary (>= 4.0.261)
      NodaTime (>= 1.3.2)
    Logary.Targets.InfluxDb (4.0.261)
      FParsec (>= 1.0.2)
      FSharp.Core (>= 4.0.0.1)
      Hopac (>= 0.3.23)
      Http.fs (>= 4.1)
      Logary (>= 4.0.261)
      NodaTime (>= 1.3.2)
    Logary.Targets.Logstash (4.0.261)
      FSharp.Core (>= 4.0.0.1)
      fszmq (>= 12.2.1)
      Hopac (>= 0.3.23)
      Logary (>= 4.0.261)
      NodaTime (>= 1.3.2)
    NodaTime (1.3.2)
